GEM
  remote: https://rubygems.org/
  specs:
    addressable (2.8.0)
      public_suffix (>= 2.0.2, < 5.0)
    archive-zip (0.7.0)
      io-like (~> 0.3.0)
    backports (3.11.0)
    builder (3.2.3)
    byebug (9.1.0)
    capybara (3.1.1)
      addressable
      mini_mime (>= 0.1.3)
      nokogiri (~> 1.8)
      rack (>= 1.6.0)
      rack-test (>= 0.6.3)
      xpath (~> 3.0)
    capybara-vue (0.0.1)
      capybara
    childprocess (0.9.0)
      ffi (~> 1.0, >= 1.0.11)
    chromedriver-helper (1.1.0)
      archive-zip (~> 0.7.0)
      nokogiri (~> 1.6)
    coffee (0.0.5)
      httparty
      json_pure
      thor
    cucumber (3.1.0)
      builder (>= 2.1.2)
      cucumber-core (~> 3.1.0)
      cucumber-expressions (~> 5.0.4)
      cucumber-wire (~> 0.0.1)
      diff-lcs (~> 1.3)
      gherkin (~> 5.0)
      multi_json (>= 1.7.5, < 2.0)
      multi_test (>= 0.1.2)
    cucumber-core (3.1.0)
      backports (>= 3.8.0)
      cucumber-tag_expressions (~> 1.1.0)
      gherkin (>= 5.0.0)
    cucumber-expressions (5.0.7)
    cucumber-tag_expressions (1.1.1)
    cucumber-wire (0.0.1)
    diff-lcs (1.3)
    ffi (1.10.0)
    gherkin (5.0.0)
    headless (2.3.1)
    httparty (0.15.6)
      multi_xml (>= 0.5.2)
    io-like (0.3.0)
    jar_wrapper (0.1.8)
      zip
    json_pure (2.1.0)
    mini_mime (1.0.1)
    mini_portile2 (2.8.0)
    multi_json (1.13.0)
    multi_test (0.1.2)
    multi_xml (0.6.0)
    nokogiri (1.13.4)
      mini_portile2 (~> 2.8.0)
      racc (~> 1.4)
    public_suffix (4.0.6)
    racc (1.6.0)
    rack (2.2.3)
    rack-test (1.1.0)
      rack (>= 1.0, < 3)
    rspec (3.7.0)
      rspec-core (~> 3.7.0)
      rspec-expectations (~> 3.7.0)
      rspec-mocks (~> 3.7.0)
    rspec-core (3.7.1)
      rspec-support (~> 3.7.0)
    rspec-expectations (3.7.0)
      diff-lcs (>= 1.2.0, < 2.0)
      rspec-support (~> 3.7.0)
    rspec-mocks (3.7.0)
      diff-lcs (>= 1.2.0, < 2.0)
      rspec-support (~> 3.7.0)
    rspec-support (3.7.0)
    rubyzip (1.3.0)
    selenium (0.2.11)
      jar_wrapper
    selenium-webdriver (3.141.0)
      childprocess (~> 0.5)
      rubyzip (~> 1.2, >= 1.2.2)
    thor (0.20.0)
    xpath (3.1.0)
      nokogiri (~> 1.8)
    zip (2.0.2)

PLATFORMS
  ruby

DEPENDENCIES
  byebug
  capybara
  capybara-vue
  chromedriver-helper
  coffee
  cucumber
  headless
  rspec
  selenium
  selenium-webdriver

RUBY VERSION
   ruby 2.6.3p62

BUNDLED WITH
   1.17.2
